GEM
  remote: http://rubygems.org/
  specs:
    aws-sdk (1.2.3)
      httparty (~> 0.7)
      json (~> 1.4)
      nokogiri (>= 1.4.4)
      uuidtools (~> 2.1)
    diff-lcs (1.1.3)
    git (1.2.5)
    httparty (0.8.1)
      multi_json
      multi_xml
    jeweler (1.6.4)
      bundler (~> 1.0)
      git (>= 1.2.5)
      rake
    json (1.6.1)
    multi_json (1.0.3)
    multi_xml (0.4.1)
    nokogiri (1.5.0)
    rake (0.9.2.2)
    rcov (0.9.11)
    rspec (2.3.0)
      rspec-core (~> 2.3.0)
      rspec-expectations (~> 2.3.0)
      rspec-mocks (~> 2.3.0)
    rspec-core (2.3.1)
    rspec-expectations (2.3.0)
      diff-lcs (~> 1.1.2)
    rspec-mocks (2.3.0)
    uuidtools (2.1.2)

PLATFORMS
  ruby

DEPENDENCIES
  aws-sdk
  bundler (~> 1.0.0)
  jeweler (~> 1.6.4)
  rcov
  rspec (~> 2.3.0)
